GEM
  remote: https://rubygems.org/
  specs:

PLATFORMS
  x64-mingw32
  x86_64-linux

DEPENDENCIES

BUNDLED WITH
   2.2.29